PATH
  remote: .
  specs:
    rack-pidantic (0.0.1)
      rack (>= 1.4.5)

GEM
  remote: http://rubygems.org/
  specs:
    rack (1.5.2)
    rake (10.0.4)

PLATFORMS
  ruby

DEPENDENCIES
  rack-pidantic!
  rake
